GEM
  remote: https://rubygems.org/
  specs:
    mustermann (1.1.2)
      ruby2_keywords (~> 0.0.1)
    rack (2.2.10)
    rack-protection (2.1.0)
      rack
    ruby2_keywords (0.0.5)
    sinatra (2.1.0)
      mustermann (~> 1.0)
      rack (~> 2.2)
      rack-protection (= 2.1.0)
      tilt (~> 2.0)
    tilt (2.4.0)

PLATFORMS
  x64-mingw-ucrt

DEPENDENCIES
  sinatra (= 2.1.0)

BUNDLED WITH
   2.5.21
